GEM
  remote: https://rubygems.org/
  specs:
    auto_reloader (0.4.1)
    bcrypt (3.1.16)
    concurrent-ruby (1.1.9)
    erubi (1.10.0)
    faker (2.18.0)
      i18n (>= 1.6, < 2)
    i18n (1.8.10)
      concurrent-ruby (~> 1.0)
    nio4r (2.5.7)
    pastel (0.8.0)
      tty-color (~> 0.5)
    puma (5.2.2)
      nio4r (~> 2.0)
    rack (2.2.3)
    rack-attack (6.5.0)
      rack (>= 1.0, < 3)
    rack-cors (1.1.1)
      rack (>= 2.0.0)
    rack-test (1.1.0)
      rack (>= 1.0, < 3)
    roda (3.46.0)
      rack
    roda-enhanced_logger (0.4.0)
      roda (>= 3.19.0)
      tty-logger (>= 0.3, < 1.0)
    sequel (5.37.0)
    sequel-paranoid (0.7.0)
      sequel
    sequel_secure_password (0.2.15)
      bcrypt (>= 3.1, < 4.0)
      sequel (>= 4.1.0, < 6.0)
    sqlite3 (1.4.2)
    tilt (2.0.10)
    tty-color (0.6.0)
    tty-logger (0.6.0)
      pastel (~> 0.8)

PLATFORMS
  x64-mingw32
  x86_64-linux

DEPENDENCIES
  auto_reloader (~> 0.4.0)
  bcrypt (~> 3.1.15)
  erubi (~> 1.10.0)
  faker (~> 2.18.0)
  puma (~> 5.2.0)
  rack (~> 2.2.0)
  rack-attack (~> 6.5.0)
  rack-cors (~> 1.1.1)
  rack-test (~> 1.1.0)
  roda (~> 3.46.0)
  roda-enhanced_logger (~> 0.4.0)
  sequel (~> 5.37.0)
  sequel-paranoid (~> 0.7.0)
  sequel_secure_password (~> 0.2.0)
  sqlite3 (~> 1.4.0)
  tilt (~> 2.0.10)

BUNDLED WITH
   2.2.11
